PATH
  remote: .
  specs:
    minitest-failure-reporter (0.1.4)
      minitest (~> 5.0)

GEM
  remote: https://rubygems.org/
  specs:
    byebug (11.1.3)
    minitest (5.22.3)
    rake (12.3.3)

PLATFORMS
  ruby

DEPENDENCIES
  bundler (~> 2.1)
  byebug (~> 11.1)
  minitest-failure-reporter!
  rake (~> 12.3)

BUNDLED WITH
   2.2.33
